GEM
  remote: https://rubygems.org/
  specs:
    chromedriver-helper (0.0.7)
      nokogiri
    mini_portile (0.6.1)
    nokogiri (1.6.4.1)
      mini_portile (~> 0.6.0)

PLATFORMS
  ruby

DEPENDENCIES
  chromedriver-helper (~> 0.0.7)
